PATH
  remote: .
  specs:
    check_super_calls (0.1.2)

GEM
  remote: https://rubygems.org/
  specs:
    minitest (5.11.3)
    rake (10.5.0)

PLATFORMS
  ruby

DEPENDENCIES
  bundler (~> 2.0)
  check_super_calls!
  minitest
  rake (~> 10.0)

BUNDLED WITH
   2.0.1
